NUGET
  remote: http://www.nuget.org/api/v2
  specs:
    MathNet.Numerics (3.8.0)
      TaskParallelLibrary (>= 1.0.2856.0) - framework: net35
    TaskParallelLibrary (1.0.2856) - framework: net35

GROUP Build
NUGET
  remote: http://www.nuget.org/api/v2
  specs:
    FAKE (4.20.0)
    FSharp.Compiler.Service (2.0.0.3)
    FSharp.Formatting (2.14.0)
      FSharp.Compiler.Service (>= 2.0.0.3 < 2.1.0)
      FSharpVSPowerTools.Core (>= 2.3.0 < 2.4.0)
    FSharpVSPowerTools.Core (2.3.0)
      FSharp.Compiler.Service (>= 2.0.0.3)
    NuGet.CommandLine (3.3.0)
    NUnit.Runners (2.6.4)

GROUP Test
NUGET
  remote: http://www.nuget.org/api/v2
  specs:
    NUnit (2.6.4)
