NUGET
  remote: https://www.nuget.org/api/v2
    MathNet.Numerics (3.8)
      TaskParallelLibrary (>= 1.0.2856) - framework: net35
    TaskParallelLibrary (1.0.2856) - framework: net35

GROUP Build
NUGET
  remote: https://www.nuget.org/api/v2
    FAKE (4.20)
    FSharp.Compiler.Service (2.0.0.3)
    FSharp.Formatting (2.14)
      FSharp.Compiler.Service (>= 2.0.0.3 < 2.1)
      FSharpVSPowerTools.Core (>= 2.3 < 2.4)
    FSharpVSPowerTools.Core (2.3)
      FSharp.Compiler.Service (>= 2.0.0.3)
    NuGet.CommandLine (3.3)
    NUnit.ConsoleRunner (3.2)
    NUnit.Extension.NUnitProjectLoader (3.2)
    NUnit.Extension.NUnitV2Driver (3.2)
    NUnit.Extension.NUnitV2ResultWriter (3.2)
    NUnit.Extension.VSProjectLoader (3.2)
    NUnit.Runners (3.2)
      NUnit.ConsoleRunner (3.2)
      NUnit.Extension.NUnitProjectLoader (3.2)
      NUnit.Extension.NUnitV2Driver (3.2)
      NUnit.Extension.NUnitV2ResultWriter (3.2)
      NUnit.Extension.VSProjectLoader (3.2)

GROUP Test
NUGET
  remote: https://www.nuget.org/api/v2
    NUnit (3.2)
