NUGET
  remote: http://nuget.org/api/v2
  specs:
    FAKE (3.17.0)
    FSharp.Compiler.Service (0.0.82)
    FSharp.Formatting (2.7.4)
      FSharp.Compiler.Service (>= 0.0.82)
      FSharpVSPowerTools.Core (>= 1.7.0)
    FSharpVSPowerTools.Core (1.7.0)
      FSharp.Compiler.Service (>= 0.0.81)
    MathNet.Numerics (3.0.2)
    NuGet.CommandLine (2.8.3)
    NUnit (2.6.4)
    NUnit.Runners (2.6.4)
    StyleCop.MSBuild (4.7.49.1)
